PATH
  remote: .
  specs:
    big_money (1.2.2)

GEM
  remote: https://rubygems.org/
  specs:
    erubis (2.7.0)
    hpricot (0.8.6)
    minitest (5.0.8)

PLATFORMS
  ruby

DEPENDENCIES
  big_money!
  erubis
  hpricot
  minitest (>= 1.7.0)
